ObjectType = Image
NDims = 3
BinaryData = True
BinaryDataByteOrderMSB = False
TransformMatrix = 1 0 0 0 1 0 0 0 1
Offset = 0 0 0
CenterOfRotation = 0 0 0
ElementSpacing = 1 1 1
DimSize = 512 480 64
AnatomicalOrientation = ???
ElementSize = 1 1 1
ElementType = MET_USHORT
ElementDataFile = 15715_align.raw
